GEM
  remote: https://rubygems.org/
  specs:
    haml (4.0.6)
      tilt
    phonology (0.0.9.1)
    puma (2.11.0)
      rack (>= 1.1, < 2.0)
    rack (1.6.0)
    rack-protection (1.5.3)
      rack
    rack-test (0.6.3)
      rack (>= 1.0)
    rake (10.4.2)
    sinatra (1.4.5)
      rack (~> 1.4)
      rack-protection (~> 1.4)
      tilt (~> 1.3, >= 1.3.4)
    spanish (0.0.5.1)
      phonology (>= 0.0.9)
    tilt (1.4.1)

PLATFORMS
  ruby

DEPENDENCIES
  haml (~> 4.0)
  phonology (= 0.0.9.1)
  puma
  rack
  rack-test
  rake
  sinatra (~> 1.4)
  spanish (= 0.0.5.1)
